GEM
  remote: https://rubygems.org/
  specs:
    alfredlite (0.1.0)

PLATFORMS
  ruby

DEPENDENCIES
  alfredlite
